GIT
  remote: git://github.com/awestruct/awestruct.git
  revision: c5c0cc2df3d7a9f3f38c80cef086e36ac3274dee
  specs:
    awestruct (0.5.0)
      bootstrap-sass (~> 2.2.2.0)
      compass (~> 0.12.1)
      compass-960-plugin (~> 0.10.4)
      eventmachine (~> 1.0.0.rc.4)
      git (~> 1.2.5)
      json (~> 1.7.7)
      listen (~> 0.5.0)
      nokogiri (~> 1.5.6)
      rack (~> 1.5.2)
      rest-client (~> 1.6.7)
      ruby-s3cmd (~> 0.1.5)
      tilt (~> 1.3.4)

GEM
  remote: https://rubygems.org/
  specs:
    anemone (0.7.2)
      nokogiri (>= 1.3.0)
      robotex (>= 1.0.0)
    bootstrap-sass (2.2.2.0)
      sass (~> 3.2)
    choice (0.1.6)
    chunky_png (1.2.7)
    compass (0.12.2)
      chunky_png (~> 1.2)
      fssm (>= 0.2.7)
      sass (~> 3.1)
    compass-960-plugin (0.10.4)
      compass (>= 0.10.0)
    eventmachine (1.0.3)
    fssm (0.2.10)
    git (1.2.5)
    haml (3.1.8)
    json (1.7.7)
    listen (0.5.3)
    mime-types (1.21)
    nokogiri (1.5.6)
    rack (1.5.2)
    rdiscount (2.0.7.1)
    rest-client (1.6.7)
      mime-types (>= 1.16)
    robotex (1.0.0)
    ruby-s3cmd (0.1.5)
    sass (3.2.7)
    tilt (1.3.5)

PLATFORMS
  ruby

DEPENDENCIES
  anemone
  awestruct!
  choice
  haml (~> 3.1.8)
  nokogiri
  rdiscount
